GEM
  remote: https://rubygems.org/
  specs:
    backports (3.9.1)
    multi_json (1.12.2)
    mustermann (1.0.1)
    mysql2 (0.5.2)
    newrelic_rpm (6.5.0.357)
    puma (3.10.0)
    rack (2.0.3)
    rack-protection (2.0.0)
      rack
    sinatra (2.0.0)
      mustermann (~> 1.0)
      rack (~> 2.0)
      rack-protection (= 2.0.0)
      tilt (~> 2.0)
    sinatra-contrib (2.0.0)
      backports (>= 2.0)
      multi_json
      mustermann (~> 1.0)
      rack-protection (= 2.0.0)
      sinatra (= 2.0.0)
      tilt (>= 1.3, < 3)
    stackprof (0.2.12)
    tilt (2.0.8)

PLATFORMS
  ruby

DEPENDENCIES
  mysql2 (~> 0.5)
  newrelic_rpm (~> 6.5)
  puma
  sinatra
  sinatra-contrib
  stackprof (~> 0.2.12)

BUNDLED WITH
   2.0.2
